GEM
  remote: https://rubygems.org/
  specs:
    mustache (1.1.1)
    webrick (1.8.1)

PLATFORMS
  arm64-darwin-20

DEPENDENCIES
  mustache (~> 1.0)
  webrick

BUNDLED WITH
   2.2.14
